GIT
  remote: https://github.com/rubyjedi/soap4r.git
  revision: 96aa5490a74fb9e2b7d06e3f16ee61fc1d755234
  branch: master
  specs:
    soap4r-ng (2.0.4)

PATH
  remote: .
  specs:
    clinvar-rdf (0.1.0)
      activemodel (~> 5.2, >= 5.2.1)
      activesupport (~> 5.2, >= 5.2.1)
      logger-application
      rdf (~> 3.0, >= 3.0.4)
      rdf-raptor (~> 2.2.0)
      rdf-turtle (~> 3.0, >= 3.0.3)
      rdf-vocab (~> 3.0, >= 3.0.3)
      rdf-xsd (~> 3.0, >= 3.0.1)
      soap4r-ng
      xml-simple (~> 1.1)

GEM
  remote: https://rubygems.org/
  specs:
    activemodel (5.2.1)
      activesupport (= 5.2.1)
    activesupport (5.2.1)
      concurrent-ruby (~> 1.0, >= 1.0.2)
      i18n (>= 0.7, < 2)
      minitest (~> 5.1)
      tzinfo (~> 1.1)
    awesome_print (1.8.0)
    coderay (1.1.2)
    concurrent-ruby (1.1.2)
    diff-lcs (1.3)
    docile (1.3.1)
    ebnf (1.1.3)
      rdf (~> 3.0)
      sxp (~> 1.0)
    ffi (1.9.25)
    hamster (3.0.0)
      concurrent-ruby (~> 1.0)
    i18n (1.1.1)
      concurrent-ruby (~> 1.0)
    json (2.1.0)
    link_header (0.0.8)
    logger-application (0.0.2)
    method_source (0.9.1)
    minitest (5.11.3)
    pry (0.12.0)
      coderay (~> 1.1.0)
      method_source (~> 0.9.0)
    rake (10.5.0)
    rdf (3.0.6)
      hamster (~> 3.0)
      link_header (~> 0.0, >= 0.0.8)
    rdf-raptor (2.2.0)
      ffi (~> 1.9.10)
      rdf (>= 2.2, < 4.0)
    rdf-turtle (3.0.3)
      ebnf (~> 1.1)
      rdf (~> 3.0)
    rdf-vocab (3.0.3)
      rdf (~> 3.0)
    rdf-xsd (3.0.1)
      rdf (~> 3.0)
    rspec (3.8.0)
      rspec-core (~> 3.8.0)
      rspec-expectations (~> 3.8.0)
      rspec-mocks (~> 3.8.0)
    rspec-core (3.8.0)
      rspec-support (~> 3.8.0)
    rspec-expectations (3.8.2)
      diff-lcs (>= 1.2.0, < 2.0)
      rspec-support (~> 3.8.0)
    rspec-mocks (3.8.0)
      diff-lcs (>= 1.2.0, < 2.0)
      rspec-support (~> 3.8.0)
    rspec-support (3.8.0)
    simplecov (0.16.1)
      docile (~> 1.1)
      json (>= 1.8, < 3)
      simplecov-html (~> 0.10.0)
    simplecov-html (0.10.2)
    sxp (1.0.1)
      rdf (>= 2.2, < 4.0)
    thread_safe (0.3.6)
    tzinfo (1.2.5)
      thread_safe (~> 0.1)
    xml-simple (1.1.5)
    yard (0.9.20)

PLATFORMS
  ruby

DEPENDENCIES
  awesome_print
  bundler (~> 1.16)
  clinvar-rdf!
  pry
  rake (~> 10.0)
  rspec (~> 3.0)
  simplecov
  soap4r-ng!
  yard

BUNDLED WITH
   1.16.6
